GIT
  remote: git://github.com/Nerian/bootstrap-datepicker-rails.git
  revision: 486f26e0c4cbbc6e55a1d8a477a550f5a6594a8d
  specs:
    bootstrap-datepicker-rails (1.4.0)
      railties (>= 3.0)

GIT
  remote: git@github.com:thoughtbot/jack_up.git
  revision: 2b214b644d35d80cc10c6b4675cc57ddbd0d69d0
  specs:
    jack_up (0.2.0)
      rails (~> 4.0)

GIT
  remote: https://github.com/EppO/rolify.git
  revision: ae0712ccf765c20945ce430ef0fdaa1b7c4bad8c
  specs:
    rolify (4.0.0)

GIT
  remote: https://github.com/plataformatec/simple_form.git
  revision: 43dccaf1cc941b78337577fd4c154594b86f8635
  specs:
    simple_form (3.1.0)
      actionpack (~> 4.0)
      activemodel (~> 4.0)

GEM
  remote: https://rubygems.org/
  specs:
    actionmailer (4.2.1)
      actionpack (= 4.2.1)
      actionview (= 4.2.1)
      activejob (= 4.2.1)
      mail (~> 2.5, >= 2.5.4)
      rails-dom-testing (~> 1.0, >= 1.0.5)
    actionpack (4.2.1)
      actionview (= 4.2.1)
      activesupport (= 4.2.1)
      rack (~> 1.6)
      rack-test (~> 0.6.2)
      rails-dom-testing (~> 1.0, >= 1.0.5)
      rails-html-sanitizer (~> 1.0, >= 1.0.1)
    actionview (4.2.1)
      activesupport (= 4.2.1)
      builder (~> 3.1)
      erubis (~> 2.7.0)
      rails-dom-testing (~> 1.0, >= 1.0.5)
      rails-html-sanitizer (~> 1.0, >= 1.0.1)
    activejob (4.2.1)
      activesupport (= 4.2.1)
      globalid (>= 0.3.0)
    activemodel (4.2.1)
      activesupport (= 4.2.1)
      builder (~> 3.1)
    activerecord (4.2.1)
      activemodel (= 4.2.1)
      activesupport (= 4.2.1)
      arel (~> 6.0)
    activesupport (4.2.1)
      i18n (~> 0.7)
      json (~> 1.7, >= 1.7.7)
      minitest (~> 5.1)
      thread_safe (~> 0.3, >= 0.3.4)
      tzinfo (~> 1.1)
    acts-as-taggable-on (3.5.0)
      activerecord (>= 3.2, < 5)
    addressable (2.3.8)
    analytical (3.0.12)
    annotate (2.6.10)
      activerecord (>= 3.2, <= 4.3)
      rake (~> 10.4)
    apipie-rails (0.3.4)
      json
    arel (6.0.0)
    asset_sync (1.1.0)
      activemodel
      fog (>= 1.8.0)
      unf
    autoprefixer-rails (5.2.1)
      execjs
      json
    aws-sdk (2.1.1)
      aws-sdk-resources (= 2.1.1)
    aws-sdk-core (2.1.1)
      jmespath (~> 1.0)
    aws-sdk-resources (2.1.1)
      aws-sdk-core (= 2.1.1)
    backbone-on-rails (1.2.0.0)
      eco
      ejs
      jquery-rails
      railties
    bcrypt (3.1.10)
    better_errors (2.1.1)
      coderay (>= 1.0.0)
      erubis (>= 2.6.6)
      rack (>= 0.9.0)
    binding_of_caller (0.7.2)
      debug_inspector (>= 0.0.1)
    bootstrap-sass (3.3.5)
      autoprefixer-rails (>= 5.0.0.1)
      sass (>= 3.2.19)
    brakeman (3.0.5)
      erubis (~> 2.6)
      fastercsv (~> 1.5)
      haml (>= 3.0, < 5.0)
      highline (~> 1.6.20)
      multi_json (~> 1.2)
      ruby2ruby (~> 2.1.1)
      ruby_parser (~> 3.7.0)
      sass (~> 3.0)
      terminal-table (~> 1.4)
    browser (0.8.0)
    builder (3.2.2)
    cancan (1.6.10)
    capistrano (3.4.0)
      i18n
      rake (>= 10.0.0)
      sshkit (~> 1.3)
    capistrano-bundler (1.1.4)
      capistrano (~> 3.1)
      sshkit (~> 1.2)
    capistrano-flowdock (2.1.0)
      capistrano (~> 3.0)
      flowdock (~> 0.5.0)
      rugged (~> 0.19.0)
    capistrano-nc (0.1.4)
      capistrano (~> 3.0)
      terminal-notifier (~> 1.6)
    capistrano-rails (1.1.3)
      capistrano (~> 3.1)
      capistrano-bundler (~> 1.1)
    capistrano-rbenv (2.0.3)
      capistrano (~> 3.1)
      sshkit (~> 1.3)
    capistrano-thin (1.1.0)
      capistrano (~> 3.0)
      thin (~> 1.6)
    capybara (2.4.4)
      mime-types (>= 1.16)
      nokogiri (>= 1.3.3)
      rack (>= 1.0.0)
      rack-test (>= 0.5.4)
      xpath (~> 2.0)
    celluloid (0.16.0)
      timers (~> 4.0.0)
    childprocess (0.5.6)
      ffi (~> 1.0, >= 1.0.11)
    chronic (0.10.2)
    chunky_png (1.3.4)
    cocoon (1.2.6)
    coderay (1.1.0)
    coffee-rails (4.1.0)
      coffee-script (>= 2.2.0)
      railties (>= 4.0.0, < 5.0)
    coffee-script (2.4.1)
      coffee-script-source
      execjs
    coffee-script-source (1.9.1.1)
    coffee-views (0.2.0)
      coffee-rails
      rails (>= 3.2.0)
    colorize (0.7.7)
    compass (1.0.3)
      chunky_png (~> 1.2)
      compass-core (~> 1.0.2)
      compass-import-once (~> 1.0.5)
      rb-fsevent (>= 0.9.3)
      rb-inotify (>= 0.9)
      sass (>= 3.3.13, < 3.5)
    compass-core (1.0.3)
      multi_json (~> 1.0)
      sass (>= 3.3.0, < 3.5)
    compass-h5bp (1.0.0)
      compass (~> 1.0, >= 1.0.3)
    compass-import-once (1.0.5)
      sass (>= 3.2, < 3.5)
    compass-rails (2.0.4)
      compass (~> 1.0.0)
      sass-rails (<= 5.0.1)
      sprockets (< 2.13)
    crack (0.4.2)
      safe_yaml (~> 1.0.0)
    cucumber (1.3.20)
      builder (>= 2.1.2)
      diff-lcs (>= 1.1.3)
      gherkin (~> 2.12)
      multi_json (>= 1.7.5, < 2.0)
      multi_test (>= 0.1.2)
    cucumber-rails (1.4.2)
      capybara (>= 1.1.2, < 3)
      cucumber (>= 1.3.8, < 2)
      mime-types (>= 1.16, < 3)
      nokogiri (~> 1.5)
      rails (>= 3, < 5)
    daemons (1.2.2)
    database_cleaner (1.4.1)
    debug_inspector (0.0.2)
    delayed_job (4.0.6)
      activesupport (>= 3.0, < 5.0)
    delayed_job_active_record (4.0.3)
      activerecord (>= 3.0, < 5.0)
      delayed_job (>= 3.0, < 4.1)
    devise (3.5.1)
      bcrypt (~> 3.0)
      orm_adapter (~> 0.1)
      railties (>= 3.2.6, < 5)
      responders
      thread_safe (~> 0.1)
      warden (~> 1.2.3)
    diff-lcs (1.2.5)
    dotenv (1.0.2)
    dotenv-rails (1.0.2)
      dotenv (= 1.0.2)
    eco (1.0.0)
      coffee-script
      eco-source
      execjs
    eco-source (1.1.0.rc.1)
    ejs (1.1.1)
    em-websocket (0.5.1)
      eventmachine (>= 0.12.9)
      http_parser.rb (~> 0.6.0)
    erubis (2.7.0)
    eventmachine (1.0.7)
    excon (0.41.0)
    execjs (2.5.2)
    factory_girl (4.5.0)
      activesupport (>= 3.0.0)
    factory_girl_rails (4.5.0)
      factory_girl (~> 4.5.0)
      railties (>= 3.0.0)
    faker (1.4.3)
      i18n (~> 0.5)
    fastercsv (1.5.5)
    ffi (1.9.8)
    flowdock (0.5.0)
      httparty (~> 0.7)
      multi_json
    fog (1.24.0)
      fog-brightbox
      fog-core (~> 1.23)
      fog-json
      fog-radosgw (>= 0.0.2)
      fog-sakuracloud (>= 0.0.4)
      fog-softlayer
      ipaddress (~> 0.5)
      nokogiri (~> 1.5, >= 1.5.11)
    fog-brightbox (0.6.1)
      fog-core (~> 1.22)
      fog-json
      inflecto
    fog-core (1.24.0)
      builder
      excon (~> 0.38)
      formatador (~> 0.2)
      mime-types
      net-scp (~> 1.1)
      net-ssh (>= 2.1.3)
    fog-json (1.0.0)
      multi_json (~> 1.0)
    fog-radosgw (0.0.3)
      fog-core (>= 1.21.0)
      fog-json
      fog-xml (>= 0.0.1)
    fog-sakuracloud (0.1.1)
      fog-core
      fog-json
    fog-softlayer (0.3.23)
      fog-core
      fog-json
    fog-xml (0.1.1)
      fog-core
      nokogiri (~> 1.5, >= 1.5.11)
    formatador (0.2.5)
    gherkin (2.12.2)
      multi_json (~> 1.3)
    globalid (0.3.5)
      activesupport (>= 4.1.0)
    guard (2.12.6)
      formatador (>= 0.2.4)
      listen (~> 2.7)
      lumberjack (~> 1.0)
      nenv (~> 0.1)
      notiffany (~> 0.0)
      pry (>= 0.9.12)
      shellany (~> 0.0)
      thor (>= 0.18.1)
    guard-brakeman (0.8.3)
      brakeman (>= 2.1.1)
      guard (>= 2.0.0)
    guard-bundler (2.1.0)
      bundler (~> 1.0)
      guard (~> 2.2)
      guard-compat (~> 1.1)
    guard-coffeescript (2.0.1)
      coffee-script (>= 2.2.0)
      guard (>= 2.1.0)
      guard-compat (~> 1.1)
    guard-compat (1.2.1)
    guard-cucumber (1.5.4)
      cucumber (>= 1.3.0)
      guard-compat (~> 1.0)
      nenv (~> 0.1)
    guard-livereload (2.4.0)
      em-websocket (~> 0.5)
      guard (~> 2.8)
      multi_json (~> 1.8)
    guard-rspec (4.5.2)
      guard (~> 2.1)
      guard-compat (~> 1.1)
      rspec (>= 2.99.0, < 4.0)
    guard-sass (1.6.0)
      guard (>= 2.8.0)
      sass (>= 3.1)
    haml (4.0.6)
      tilt
    haml-rails (0.9.0)
      actionpack (>= 4.0.1)
      activesupport (>= 4.0.1)
      haml (>= 4.0.6, < 5.0)
      html2haml (>= 1.0.1)
      railties (>= 4.0.1)
    haml_assets (0.2.2)
      haml
      tilt
    high_voltage (2.3.0)
    highline (1.6.21)
    hike (1.2.3)
    hitimes (1.2.2)
    hogan_assets (1.6.0)
      execjs (>= 1.2.9)
      sprockets (>= 2.0.3)
      tilt (>= 1.3.3)
    html2haml (2.0.0)
      erubis (~> 2.7.0)
      haml (~> 4.0.0)
      nokogiri (~> 1.6.0)
      ruby_parser (~> 3.5)
    html2markdown (0.0.3)
      nokogiri
    http_parser.rb (0.6.0)
    httparty (0.13.5)
      json (~> 1.8)
      multi_xml (>= 0.5.2)
    i18n (0.7.0)
    inflecto (0.0.2)
    ipaddress (0.8.0)
    jbuilder (2.3.0)
      activesupport (>= 3.0.0, < 5)
      multi_json (~> 1.2)
    jmespath (1.0.2)
      multi_json (~> 1.0)
    jquery-fileupload-rails (0.4.5)
      actionpack (>= 3.1)
      railties (>= 3.1)
      sass (>= 3.2)
    jquery-rails (4.0.4)
      rails-dom-testing (~> 1.0)
      railties (>= 4.2.0)
      thor (>= 0.14, < 2.0)
    jquery-ui-rails (5.0.5)
      railties (>= 3.2.16)
    json (1.8.3)
    libv8 (3.16.14.7)
    listen (2.10.1)
      celluloid (~> 0.16.0)
      rb-fsevent (>= 0.9.3)
      rb-inotify (>= 0.9)
    loofah (2.0.2)
      nokogiri (>= 1.5.9)
    lumberjack (1.0.9)
    mail (2.6.3)
      mime-types (>= 1.16, < 3)
    metamagic (3.1.7)
      rails (>= 3.0.0)
    method_source (0.8.2)
    mime-types (2.6.1)
    mini_portile (0.6.2)
    minitest (5.7.0)
    modular-scale (2.1.1)
      compass (>= 0.12.0)
    multi_json (1.11.1)
    multi_test (0.1.2)
    multi_xml (0.5.5)
    mysql2 (0.3.18)
    nenv (0.2.0)
    net-scp (1.2.1)
      net-ssh (>= 2.6.5)
    net-ssh (2.9.2)
    newrelic_rpm (3.12.0.288)
    nokogiri (1.6.6.2)
      mini_portile (~> 0.6.0)
    notiffany (0.0.6)
      nenv (~> 0.1)
      shellany (~> 0.0)
    oj (2.12.9)
    orm_adapter (0.5.0)
    pagedown-bootstrap-rails (2.1.2)
      railties (> 3.1)
    pry (0.10.1)
      coderay (~> 1.1.0)
      method_source (~> 0.8.1)
      slop (~> 3.4)
    quiet_assets (1.1.0)
      railties (>= 3.1, < 5.0)
    rack (1.6.4)
    rack-raw-upload (1.1.1)
      multi_json
    rack-test (0.6.3)
      rack (>= 1.0)
    rack-timeout (0.2.4)
    rails (4.2.1)
      actionmailer (= 4.2.1)
      actionpack (= 4.2.1)
      actionview (= 4.2.1)
      activejob (= 4.2.1)
      activemodel (= 4.2.1)
      activerecord (= 4.2.1)
      activesupport (= 4.2.1)
      bundler (>= 1.3.0, < 2.0)
      railties (= 4.2.1)
      sprockets-rails
    rails-deprecated_sanitizer (1.0.3)
      activesupport (>= 4.2.0.alpha)
    rails-dom-testing (1.0.6)
      activesupport (>= 4.2.0.beta, < 5.0)
      nokogiri (~> 1.6.0)
      rails-deprecated_sanitizer (>= 1.0.1)
    rails-html-sanitizer (1.0.2)
      loofah (~> 2.0)
    railties (4.2.1)
      actionpack (= 4.2.1)
      activesupport (= 4.2.1)
      rake (>= 0.8.7)
      thor (>= 0.18.1, < 2.0)
    rake (10.4.2)
    rb-fsevent (0.9.5)
    rb-inotify (0.9.5)
      ffi (>= 0.5.0)
    recipient_interceptor (0.1.2)
      mail
    redcarpet (3.3.2)
    ref (1.0.5)
    responders (2.1.0)
      railties (>= 4.2.0, < 5)
    rspec (3.3.0)
      rspec-core (~> 3.3.0)
      rspec-expectations (~> 3.3.0)
      rspec-mocks (~> 3.3.0)
    rspec-core (3.3.1)
      rspec-support (~> 3.3.0)
    rspec-expectations (3.3.0)
      diff-lcs (>= 1.2.0, < 2.0)
      rspec-support (~> 3.3.0)
    rspec-mocks (3.3.1)
      diff-lcs (>= 1.2.0, < 2.0)
      rspec-support (~> 3.3.0)
    rspec-rails (3.3.2)
      actionpack (>= 3.0, < 4.3)
      activesupport (>= 3.0, < 4.3)
      railties (>= 3.0, < 4.3)
      rspec-core (~> 3.3.0)
      rspec-expectations (~> 3.3.0)
      rspec-mocks (~> 3.3.0)
      rspec-support (~> 3.3.0)
    rspec-support (3.3.0)
    ruby2ruby (2.1.4)
      ruby_parser (~> 3.1)
      sexp_processor (~> 4.0)
    ruby_parser (3.7.0)
      sexp_processor (~> 4.1)
    rubyzip (1.1.7)
    rugged (0.19.0)
    safe_yaml (1.0.4)
    sass (3.4.15)
    sass-mediaqueries-rails (1.3)
      sass (>= 3.2.0)
    sass-rails (5.0.1)
      railties (>= 4.0.0, < 5.0)
      sass (~> 3.1)
      sprockets (>= 2.8, < 4.0)
      sprockets-rails (>= 2.0, < 4.0)
      tilt (~> 1.1)
    seed_dump (3.2.2)
      activerecord (~> 4)
      activesupport (~> 4)
    select2-rails (3.5.9.3)
      thor (~> 0.14)
    selenium-webdriver (2.46.2)
      childprocess (~> 0.5)
      multi_json (~> 1.0)
      rubyzip (~> 1.0)
      websocket (~> 1.0)
    sexp_processor (4.6.0)
    shellany (0.0.1)
    shoulda-matchers (2.8.0)
      activesupport (>= 3.0.0)
    sitemap_generator (5.0.5)
      builder
    slop (3.6.0)
    spring (1.3.6)
    spring-commands-rspec (1.0.4)
      spring (>= 0.9.1)
    sprockets (2.11.3)
      hike (~> 1.2)
      multi_json (~> 1.0)
      rack (~> 1.0)
      tilt (~> 1.1, != 1.3.0)
    sprockets-rails (2.0.1)
      actionpack (>= 3.0)
      activesupport (>= 3.0)
      sprockets (~> 2.8)
    sprockets_better_errors (0.0.4)
      sprockets-rails (>= 1.0.0)
    sshkit (1.7.1)
      colorize (>= 0.7.0)
      net-scp (>= 1.1.2)
      net-ssh (>= 2.8.0)
    terminal-notifier (1.6.3)
    terminal-table (1.4.5)
    therubyracer (0.12.2)
      libv8 (~> 3.16.14.0)
      ref
    thin (1.6.3)
      daemons (~> 1.0, >= 1.0.9)
      eventmachine (~> 1.0)
      rack (~> 1.0)
    thor (0.19.1)
    thread_safe (0.3.5)
    tilt (1.4.1)
    timers (4.0.1)
      hitimes
    turbolinks (2.5.3)
      coffee-rails
    tzinfo (1.2.2)
      thread_safe (~> 0.1)
    uglifier (2.7.1)
      execjs (>= 0.3.0)
      json (>= 1.8.0)
    underscore-rails (1.8.3)
    unf (0.1.4)
      unf_ext
    unf_ext (0.0.6)
    validate_url (1.0.0)
      activemodel (>= 3.0.0)
      addressable
    warden (1.2.3)
      rack (>= 1.0)
    webmock (1.21.0)
      addressable (>= 2.3.6)
      crack (>= 0.3.2)
    websocket (1.2.2)
    whenever (0.9.4)
      chronic (>= 0.6.3)
    will_paginate (3.0.7)
    xpath (2.0.0)
      nokogiri (~> 1.3)

PLATFORMS
  ruby

DEPENDENCIES
  acts-as-taggable-on
  analytical
  annotate
  apipie-rails
  asset_sync
  autoprefixer-rails
  aws-sdk
  backbone-on-rails
  better_errors
  binding_of_caller
  bootstrap-datepicker-rails!
  bootstrap-sass (>= 3.2)
  brakeman
  browser
  cancan
  capistrano (>= 3.2.1)
  capistrano-bundler
  capistrano-flowdock
  capistrano-nc (>= 0.1.3)
  capistrano-rails
  capistrano-rbenv (>= 2.0)
  capistrano-thin
  cocoon
  coffee-rails (>= 4.0.0)
  coffee-views
  compass-h5bp
  compass-rails (~> 2.0.4)
  cucumber-rails
  database_cleaner
  delayed_job_active_record (>= 4.0.0)
  devise
  dotenv-rails
  execjs
  factory_girl_rails
  faker
  guard
  guard-brakeman
  guard-bundler
  guard-coffeescript
  guard-cucumber
  guard-livereload
  guard-rspec
  guard-sass
  haml-rails
  haml_assets
  high_voltage
  hogan_assets
  html2haml
  html2markdown
  jack_up!
  jbuilder
  jquery-fileupload-rails
  jquery-rails (>= 3.0.0)
  jquery-ui-rails
  metamagic
  modular-scale
  mysql2
  newrelic_rpm
  oj
  pagedown-bootstrap-rails
  quiet_assets
  rack-raw-upload
  rack-timeout
  rails (= 4.2.1)
  rb-fsevent
  recipient_interceptor
  redcarpet
  rolify!
  rspec-rails
  sass-mediaqueries-rails
  sass-rails (~> 5.0.1)
  seed_dump
  select2-rails
  selenium-webdriver
  shoulda-matchers
  simple_form!
  sitemap_generator
  spring
  spring-commands-rspec
  sprockets (~> 2.11.3)
  sprockets-rails (~> 2.0.1)
  sprockets_better_errors
  therubyracer
  thin (>= 1.5.0)
  tilt
  turbolinks
  uglifier (>= 1.3.0)
  underscore-rails
  validate_url
  webmock
  whenever
  will_paginate (>= 3.0.5)
